GEM
  remote: https://rubygems.org/
  specs:
    actionmailer (3.2.13)
      actionpack (= 3.2.13)
      mail (~> 2.5.3)
    actionpack (3.2.13)
      activemodel (= 3.2.13)
      activesupport (= 3.2.13)
      builder (~> 3.0.0)
      erubis (~> 2.7.0)
      journey (~> 1.0.4)
      rack (~> 1.4.5)
      rack-cache (~> 1.2)
      rack-test (~> 0.6.1)
      sprockets (~> 2.2.1)
    activemodel (3.2.13)
      activesupport (= 3.2.13)
      builder (~> 3.0.0)
    activerecord (3.2.13)
      activemodel (= 3.2.13)
      activesupport (= 3.2.13)
      arel (~> 3.0.2)
      tzinfo (~> 0.3.29)
    activeresource (3.2.13)
      activemodel (= 3.2.13)
      activesupport (= 3.2.13)
    activesupport (3.2.13)
      i18n (= 0.6.1)
      multi_json (~> 1.0)
    arel (3.0.2)
    arrayfields (4.7.4)
    bcrypt-ruby (3.1.2)
    bluff (0.1.0)
    builder (3.0.4)
    cancan (1.6.9)
    chronic (0.10.2)
    churn (0.0.25)
      chronic (>= 0.2.3)
      hirb
      json_pure
      main
      ruby_parser (~> 2.3)
      sexp_processor (~> 3.0)
    coderay (1.1.0)
    coffee-rails (3.2.2)
      coffee-script (>= 2.2.0)
      railties (~> 3.2.0)
    coffee-script (2.2.0)
      coffee-script-source
      execjs
    coffee-script-source (1.6.3)
    colored (1.2)
    devise (2.2.3)
      bcrypt-ruby (~> 3.0)
      orm_adapter (~> 0.1)
      railties (~> 3.1)
      warden (~> 1.2.1)
    diff-lcs (1.1.3)
    docile (1.1.5)
    erubis (2.7.0)
    execjs (2.0.2)
    fattr (2.2.1)
    flay (1.2.1)
      hoe (>= 1.11.0)
      ruby_parser (>= 1.1.0)
      sexp_processor (>= 3.0.0)
    flog (2.3.0)
      ruby_parser (~> 2.0)
      sexp_processor (~> 3.0)
    googlecharts (1.6.8)
    haml (4.0.5)
      tilt
    hike (1.2.3)
    hirb (0.7.2)
    hoe (3.12.0)
      rake (>= 0.8, < 11.0)
    httparty (0.11.0)
      multi_json (~> 1.0)
      multi_xml (>= 0.5.2)
    i18n (0.6.1)
    japgolly-Saikuro (1.1.1.0)
    journey (1.0.4)
    jquery-rails (3.0.4)
      railties (>= 3.0, < 5.0)
      thor (>= 0.14, < 2.0)
    jquery-ui-themes (0.0.11)
      httparty
    json (1.8.0)
    json_pure (1.8.1)
    mail (2.5.4)
      mime-types (~> 1.16)
      treetop (~> 1.4.8)
    main (6.0.0)
      arrayfields (>= 4.7.4)
      chronic (>= 0.6.2)
      fattr (>= 2.2.0)
      map (>= 5.1.0)
    map (6.2.0)
    method_source (0.8.2)
    metric_fu (2.1.3.7.19)
      activesupport (>= 2.0.0)
      arrayfields (= 4.7.4)
      bluff
      churn (= 0.0.25)
      coderay
      fattr (= 2.2.1)
      flay (= 1.2.1)
      flog (= 2.3.0)
      googlecharts
      japgolly-Saikuro (>= 1.1.1.0)
      map (= 6.2.0)
      metric_fu-roodi (>= 2.2.0)
      rails_best_practices (~> 0.10.1)
      rcov (~> 0.8)
      reek (= 1.2.12)
      sexp_processor (~> 3.0.3)
    metric_fu-roodi (3.0.0)
    metrical (0.1.0)
      metric_fu (~> 2.1.1)
      rcov (~> 0.9)
    mime-types (1.25)
    mini_portile (0.6.0)
    multi_json (1.8.2)
    multi_xml (0.5.5)
    mysql2 (0.3.13)
    nokogiri (1.6.3.1)
      mini_portile (= 0.6.0)
    orm_adapter (0.4.0)
    polyglot (0.3.3)
    pr_geohash (1.0.0)
    pry (0.10.0)
      coderay (~> 1.1.0)
      method_source (~> 0.8.1)
      slop (~> 3.4)
    rack (1.4.5)
    rack-cache (1.2)
      rack (>= 0.4)
    rack-ssl (1.3.3)
      rack
    rack-test (0.6.2)
      rack (>= 1.0)
    rails (3.2.13)
      actionmailer (= 3.2.13)
      actionpack (= 3.2.13)
      activerecord (= 3.2.13)
      activeresource (= 3.2.13)
      activesupport (= 3.2.13)
      bundler (~> 1.0)
      railties (= 3.2.13)
    rails_best_practices (0.10.1)
      activesupport
      colored
      erubis
      haml
      i18n
      ruby-progressbar
      ruby_parser
    railties (3.2.13)
      actionpack (= 3.2.13)
      activesupport (= 3.2.13)
      rack-ssl (~> 1.3.2)
      rake (>= 0.8.7)
      rdoc (~> 3.4)
      thor (>= 0.14.6, < 2.0)
    rake (10.3.2)
    rcov (0.9.11)
    rdoc (3.12.2)
      json (~> 1.4)
    reek (1.2.12)
      ripper_ruby_parser (~> 0.0.7)
      ruby2ruby (~> 1.2.5)
      ruby_parser (~> 2.0)
      sexp_processor (~> 3.0)
    ripper_ruby_parser (0.0.8)
      sexp_processor (~> 3.0)
    rsolr (1.0.10)
      builder (>= 2.1.2)
    rspec (2.4.0)
      rspec-core (~> 2.4.0)
      rspec-expectations (~> 2.4.0)
      rspec-mocks (~> 2.4.0)
    rspec-core (2.4.0)
    rspec-expectations (2.4.0)
      diff-lcs (~> 1.1.2)
    rspec-mocks (2.4.0)
    rspec-rails (2.4.1)
      actionpack (~> 3.0)
      activesupport (~> 3.0)
      railties (~> 3.0)
      rspec (~> 2.4.0)
    ruby-progressbar (1.5.1)
    ruby2ruby (1.2.5)
      ruby_parser (~> 2.0)
      sexp_processor (~> 3.0)
    ruby_parser (2.3.1)
      sexp_processor (~> 3.0)
    sass (3.2.12)
    sass-rails (3.2.6)
      railties (~> 3.2.0)
      sass (>= 3.1.10)
      tilt (~> 1.3)
    sexp_processor (3.0.10)
    simplecov (0.9.0)
      docile (~> 1.1.0)
      multi_json
      simplecov-html (~> 0.8.0)
    simplecov-html (0.8.0)
    slop (3.6.0)
    sprockets (2.2.2)
      hike (~> 1.2)
      multi_json (~> 1.0)
      rack (~> 1.0)
      tilt (~> 1.1, != 1.3.0)
    sunspot (2.1.1)
      pr_geohash (~> 1.0)
      rsolr (~> 1.0.7)
    sunspot_rails (2.1.1)
      nokogiri
      rails (>= 3)
      sunspot (= 2.1.1)
    sunspot_solr (2.1.1)
    thor (0.18.1)
    tilt (1.4.1)
    treetop (1.4.15)
      polyglot
      polyglot (>= 0.3.1)
    tzinfo (0.3.38)
    uglifier (2.2.1)
      execjs (>= 0.3.0)
      multi_json (~> 1.0, >= 1.0.2)
    warden (1.2.3)
      rack (>= 1.0)
    will_paginate (3.0.5)

PLATFORMS
  ruby

DEPENDENCIES
  actionpack (= 3.2.13)
  cancan (~> 1.6.9)
  coffee-rails (~> 3.2.1)
  devise (~> 2.2.3)
  jquery-rails (~> 3.0.4)
  jquery-ui-themes (~> 0.0.11)
  metric_fu
  metrical
  mysql2
  pry
  rails (= 3.2.13)
  rspec-rails
  sass-rails (~> 3.2.3)
  simplecov
  sunspot_rails
  sunspot_solr
  uglifier (>= 1.0.3)
  will_paginate (~> 3.0)
